GEM
  remote: https://rubygems.org/
  specs:
    addressable (2.8.0)
      public_suffix (>= 2.0.2, < 5.0)
    connection_pool (2.2.5)
    dbf (2.0.13)
      fastercsv (~> 1.5)
    domain_name (0.5.20190701)
      unf (>= 0.0.5, < 1.0.0)
    faraday (0.15.2)
      multipart-post (>= 1.2, < 3)
    fastercsv (1.5.5)
    htmlentities (4.3.4)
    http-cookie (1.0.5)
      domain_name (~> 0.5)
    lycopodium (0.0.3)
    mechanize (2.8.5)
      addressable (~> 2.8)
      domain_name (~> 0.5, >= 0.5.20190701)
      http-cookie (~> 1.0, >= 1.0.3)
      mime-types (~> 3.0)
      net-http-digest_auth (~> 1.4, >= 1.4.1)
      net-http-persistent (>= 2.5.2, < 5.0.dev)
      nokogiri (~> 1.11, >= 1.11.2)
      rubyntlm (~> 0.6, >= 0.6.3)
      webrick (~> 1.7)
      webrobots (~> 0.1.2)
    mime-types (3.4.1)
      mime-types-data (~> 3.2015)
    mime-types-data (3.2022.0105)
    mini_portile2 (2.8.0)
    multipart-post (2.0.0)
    net-http-digest_auth (1.4.1)
    net-http-persistent (4.0.1)
      connection_pool (~> 2.2)
    nokogiri (1.13.10)
      mini_portile2 (~> 2.8.0)
      racc (~> 1.4)
    public_suffix (4.0.7)
    racc (1.6.1)
    ruby-ole (1.2.12.1)
    rubyntlm (0.6.3)
    rubyzip (1.3.0)
    spreadsheet (1.1.7)
      ruby-ole (>= 1.0)
    unf (0.1.4)
      unf_ext
    unf_ext (0.0.8.2)
    unicode_utils (1.4.0)
    webrick (1.7.0)
    webrobots (0.1.2)

PLATFORMS
  ruby

DEPENDENCIES
  dbf (~> 2.0.3)
  faraday
  htmlentities
  lycopodium (~> 0.0.2)
  mechanize
  nokogiri
  rubyzip
  spreadsheet
  unicode_utils (~> 1.4.0)

BUNDLED WITH
   1.16.2
