GEM
  remote: https://rubygems.org/
  specs:
    nokogiri (1.5.9)

PLATFORMS
  ruby

DEPENDENCIES
  nokogiri
