GEM
  remote: https://rubygems.org/
  specs:
    addressable (2.8.4)
      public_suffix (>= 2.0.2, < 6.0)
    connection_pool (2.4.0)
    dbf (2.0.13)
      fastercsv (~> 1.5)
    domain_name (0.5.20190701)
      unf (>= 0.0.5, < 1.0.0)
    faraday (2.7.4)
      faraday-net_http (>= 2.0, < 3.1)
      ruby2_keywords (>= 0.0.4)
    faraday-net_http (3.0.2)
    fastercsv (1.5.5)
    htmlentities (4.3.4)
    http-cookie (1.0.5)
      domain_name (~> 0.5)
    lycopodium (0.0.3)
    mechanize (2.9.1)
      addressable (~> 2.8)
      domain_name (~> 0.5, >= 0.5.20190701)
      http-cookie (~> 1.0, >= 1.0.3)
      mime-types (~> 3.0)
      net-http-digest_auth (~> 1.4, >= 1.4.1)
      net-http-persistent (>= 2.5.2, < 5.0.dev)
      nokogiri (~> 1.11, >= 1.11.2)
      rubyntlm (~> 0.6, >= 0.6.3)
      webrick (~> 1.7)
      webrobots (~> 0.1.2)
    mime-types (3.4.1)
      mime-types-data (~> 3.2015)
    mime-types-data (3.2023.0218.1)
    net-http-digest_auth (1.4.1)
    net-http-persistent (4.0.2)
      connection_pool (~> 2.2)
    nokogiri (1.16.5-arm64-darwin)
      racc (~> 1.4)
    nokogiri (1.16.5-x86_64-darwin)
      racc (~> 1.4)
    nokogiri (1.16.5-x86_64-linux)
      racc (~> 1.4)
    public_suffix (5.0.1)
    racc (1.7.3)
    ruby-ole (1.2.12.2)
    ruby2_keywords (0.0.5)
    rubyntlm (0.6.3)
    rubyzip (2.3.2)
    spreadsheet (1.3.0)
      ruby-ole
    unf (0.1.4)
      unf_ext
    unf_ext (0.0.8.2)
    unicode_utils (1.4.0)
    webrick (1.8.1)
    webrobots (0.1.2)

PLATFORMS
  universal-darwin-22
  universal-darwin-23
  x86_64-linux

DEPENDENCIES
  dbf (~> 2.0.3)
  faraday
  htmlentities
  lycopodium (~> 0.0.2)
  mechanize
  nokogiri
  rubyzip
  spreadsheet
  unicode_utils (~> 1.4.0)

BUNDLED WITH
   2.3.12
